GEM
  remote: http://rubygems.org/
  specs:
    rack (2.1.4)

PLATFORMS
  ruby
  x86-mingw32

DEPENDENCIES
  rack (= 2.1.4)
