GEM
  remote: http://rubygems.org/
  specs:
    rack (1.6.11)

PLATFORMS
  ruby
  x86-mingw32

DEPENDENCIES
  rack (= 1.6.11)
